GEM
  remote: http://rubygems.org/
  specs:
    ZenTest (4.5.0)
    autotest (4.4.6)
      ZenTest (>= 4.4.1)
    diff-lcs (1.1.2)
    flay (1.4.3)
      ruby_parser (~> 2.0)
      sexp_processor (~> 3.0)
    flog (2.5.1)
      ruby_parser (~> 2.0)
      sexp_processor (~> 3.0)
    git (1.2.5)
    jeweler (1.5.2)
      bundler (~> 1.0.0)
      git (>= 1.2.5)
      rake
    rake (0.8.7)
    reek (1.2.8)
      ruby2ruby (~> 1.2)
      ruby_parser (~> 2.0)
      sexp_processor (~> 3.0)
    rspec (2.5.0)
      rspec-core (~> 2.5.0)
      rspec-expectations (~> 2.5.0)
      rspec-mocks (~> 2.5.0)
    rspec-core (2.5.1)
    rspec-expectations (2.5.0)
      diff-lcs (~> 1.1.2)
    rspec-mocks (2.5.0)
    ruby2ruby (1.2.5)
      ruby_parser (~> 2.0)
      sexp_processor (~> 3.0)
    ruby_parser (2.0.6)
      sexp_processor (~> 3.0)
    sexp_processor (3.0.5)

PLATFORMS
  ruby

DEPENDENCIES
  autotest
  bundler (~> 1.0.0)
  flay
  flog
  jeweler (~> 1.5.2)
  reek
  rspec (~> 2.5.0)
